GEM
  remote: https://rubygems.org/
  specs:
    bson (1.9.2)
    mongo (1.9.2)
      bson (~> 1.9.2)
    sqlite3 (1.3.13)

PLATFORMS
  ruby

DEPENDENCIES
  mongo (~> 1.9.2)
  sqlite3

BUNDLED WITH
   1.13.7
